PATH
  remote: .
  specs:
    gravatar-ultimate (1.0.3)
      activesupport (>= 2.3.14)
      rack

GEM
  remote: http://rubygems.org/
  specs:
    activesupport (3.2.12)
      i18n (~> 0.6)
      multi_json (~> 1.0)
    diff-lcs (1.2.4)
    fakeweb (1.3.0)
    i18n (0.6.4)
    json (1.7.7)
    multi_json (1.7.3)
    rack (1.5.2)
    rake (0.9.2.2)
    rdoc (3.12.2)
      json (~> 1.4)
    rspec (2.13.0)
      rspec-core (~> 2.13.0)
      rspec-expectations (~> 2.13.0)
      rspec-mocks (~> 2.13.0)
    rspec-core (2.13.1)
    rspec-expectations (2.13.0)
      diff-lcs (>= 1.1.3, < 2.0)
    rspec-mocks (2.13.1)

PLATFORMS
  ruby

DEPENDENCIES
  fakeweb (>= 1.2.8)
  gravatar-ultimate!
  i18n (~> 0.6.0)
  jruby-openssl
  rake (~> 0.9.2.2)
  rdoc (~> 3.11)
  rspec (>= 1.3.0)
